GIT
  remote: https://github.com/livingsocial/rake-pipeline.git
  revision: 3088a028f5676326b82437c20db94eda6b002413
  specs:
    rake-pipeline (0.5.0)
      rake (~> 0.9.0)

GIT
  remote: https://github.com/wycats/rake-pipeline-web-filters.git
  revision: 4ee035750673d776f4f4aef31936fdd5b43f4102
  specs:
    rake-pipeline-web-filters (0.5.0)
      rake-pipeline

GEM
  remote: http://rubygems.org/
  specs:
    highline (1.6.8)
    rack (1.4.0)
    rake (0.9.2.2)
    redcarpet (2.0.1)

PLATFORMS
  ruby

DEPENDENCIES
  highline
  rack
  rake-pipeline!
  rake-pipeline-web-filters!
  redcarpet
