GIT
  remote: https://github.com/livingsocial/rake-pipeline.git
  revision: bb82ce330c2fc4cc5d918ecd140df3a5c3c6aa10
  specs:
    rake-pipeline (0.5.0)
      rake (~> 0.9.0)

GIT
  remote: https://github.com/wycats/rake-pipeline-web-filters.git
  revision: 671a8d29ca8cf4ead4f945b8623d13f3093bc376
  specs:
    rake-pipeline-web-filters (0.5.0)
      rake-pipeline

GEM
  remote: http://rubygems.org/
  specs:
    json (1.6.3)
    rack (1.3.5)
    rack-cache (1.1)
      rack (>= 0.4)
    rack-rewrite (1.2.1)
    rake (0.9.2.2)
    redcarpet (2.0.0)

PLATFORMS
  ruby

DEPENDENCIES
  json
  rack
  rack-cache
  rack-rewrite
  rake-pipeline!
  rake-pipeline-web-filters!
  redcarpet
