GIT
  remote: https://github.com/livingsocial/rake-pipeline.git
  revision: bb82ce330c2fc4cc5d918ecd140df3a5c3c6aa10
  specs:
    rake-pipeline (0.5.0)
      rake (~> 0.9.0)

GIT
  remote: https://github.com/wycats/rake-pipeline-web-filters.git
  revision: 1e79fe63aa2c6ed59378cf843e710c6a91d98b53
  specs:
    rake-pipeline-web-filters (0.5.0)
      rake-pipeline

GEM
  remote: http://rubygems.org/
  specs:
    json (1.6.3)
    rack (1.3.5)
    rake (0.9.2.2)

PLATFORMS
  ruby

DEPENDENCIES
  json
  rack
  rake-pipeline!
  rake-pipeline-web-filters!
