GIT
  remote: https://github.com/livingsocial/rake-pipeline.git
  revision: b88e29efcd50468688fd21ef9513d32537ee5eb4
  specs:
    rake-pipeline (0.5.0)
      rake (~> 0.9.0)

GIT
  remote: https://github.com/wycats/rake-pipeline-web-filters.git
  revision: 1e79fe63aa2c6ed59378cf843e710c6a91d98b53
  specs:
    rake-pipeline-web-filters (0.5.0)
      rake-pipeline

GEM
  remote: http://rubygems.org/
  specs:
    rack (1.3.5)
    rack-rewrite (1.2.1)
    rake (0.9.2.2)
    shotgun (0.9)
      rack (>= 1.0)

PLATFORMS
  ruby

DEPENDENCIES
  rack
  rack-rewrite
  rake-pipeline!
  rake-pipeline-web-filters!
  shotgun
