GEM
  remote: http://rubygems.org/
  specs:
    rack (1.3.5)
    rack-rewrite (1.2.1)
    shotgun (0.9)
      rack (>= 1.0)

PLATFORMS
  ruby

DEPENDENCIES
  rack
  rack-rewrite
  shotgun
